PATH
  remote: .
  specs:
    svg2img (0.1.0)

GEM
  remote: https://rubygems.org/
  specs:
    rake (13.2.1)
    rake-compiler (1.2.7)
      rake
    rb_sys (0.9.101)

PLATFORMS
  arm64-darwin-23
  ruby

DEPENDENCIES
  rake (~> 13.0)
  rake-compiler
  rb_sys (~> 0.9.63)
  svg2img!

BUNDLED WITH
   2.5.9
